GEM
  remote: https://rubygems.org/
  specs:
    interactive_editor (0.0.10)
      spoon (>= 0.0.1)
    listen (0.7.3)
    spoon (0.0.1)
    synack (1.2.2)
    terminal-notifier (1.4.2)

PLATFORMS
  ruby

DEPENDENCIES
  interactive_editor
  listen
  synack
  terminal-notifier
